GEM
  remote: https://rubygems.org/
  specs:
    actioncable (7.0.4)
      actionpack (= 7.0.4)
      activesupport (= 7.0.4)
      nio4r (~> 2.0)
      websocket-driver (>= 0.6.1)
    actionmailbox (7.0.4)
      actionpack (= 7.0.4)
      activejob (= 7.0.4)
      activerecord (= 7.0.4)
      activestorage (= 7.0.4)
      activesupport (= 7.0.4)
      mail (>= 2.7.1)
      net-imap
      net-pop
      net-smtp
    actionmailer (7.0.4)
      actionpack (= 7.0.4)
      actionview (= 7.0.4)
      activejob (= 7.0.4)
      activesupport (= 7.0.4)
      mail (~> 2.5, >= 2.5.4)
      net-imap
      net-pop
      net-smtp
      rails-dom-testing (~> 2.0)
    actionpack (7.0.4)
      actionview (= 7.0.4)
      activesupport (= 7.0.4)
      rack (~> 2.0, >= 2.2.0)
      rack-test (>= 0.6.3)
      rails-dom-testing (~> 2.0)
      rails-html-sanitizer (~> 1.0, >= 1.2.0)
    actiontext (7.0.4)
      actionpack (= 7.0.4)
      activerecord (= 7.0.4)
      activestorage (= 7.0.4)
      activesupport (= 7.0.4)
      globalid (>= 0.6.0)
      nokogiri (>= 1.8.5)
    actionview (7.0.4)
      activesupport (= 7.0.4)
      builder (~> 3.1)
      erubi (~> 1.4)
      rails-dom-testing (~> 2.0)
      rails-html-sanitizer (~> 1.1, >= 1.2.0)
    activejob (7.0.4)
      activesupport (= 7.0.4)
      globalid (>= 0.3.6)
    activemodel (7.0.4)
      activesupport (= 7.0.4)
    activerecord (7.0.4)
      activemodel (= 7.0.4)
      activesupport (= 7.0.4)
    activestorage (7.0.4)
      actionpack (= 7.0.4)
      activejob (= 7.0.4)
      activerecord (= 7.0.4)
      activesupport (= 7.0.4)
      marcel (~> 1.0)
      mini_mime (>= 1.1.0)
    activesupport (7.0.4)
      concurrent-ruby (~> 1.0, >= 1.0.2)
      i18n (>= 1.6, < 2)
      minitest (>= 5.1)
      tzinfo (~> 2.0)
    better_errors (2.9.1)
      coderay (>= 1.0.0)
      erubi (>= 1.0.0)
      rack (>= 0.9.0)
    bindex (0.8.1)
    binding_of_caller (1.0.0)
      debug_inspector (>= 0.0.1)
    builder (3.2.4)
    byebug (11.1.3)
    callsite (0.0.11)
    coderay (1.1.3)
    coffee-rails (4.2.2)
      coffee-script (>= 2.2.0)
      railties (>= 4.0.0)
    coffee-script (2.4.1)
      coffee-script-source
      execjs
    coffee-script-source (1.12.2)
    concurrent-ruby (1.1.10)
    crass (1.0.6)
    date (3.3.3)
    debug_inspector (1.1.0)
    docile (1.4.0)
    erubi (1.12.0)
    execjs (2.8.1)
    factory_girl (4.9.0)
      activesupport (>= 3.0.0)
    factory_girl_rails (4.9.0)
      factory_girl (~> 4.9.0)
      railties (>= 3.0.0)
    faker (3.1.0)
      i18n (>= 1.8.11, < 2)
    ffi (1.15.5)
    globalid (1.0.0)
      activesupport (>= 5.0)
    hirb (0.7.3)
    i18n (1.12.0)
      concurrent-ruby (~> 1.0)
    jbuilder (2.11.5)
      actionview (>= 5.0.0)
      activesupport (>= 5.0.0)
    jquery-rails (4.5.1)
      rails-dom-testing (>= 1, < 3)
      railties (>= 4.2.0)
      thor (>= 0.14, < 2.0)
    listen (3.0.8)
      rb-fsevent (~> 0.9, >= 0.9.4)
      rb-inotify (~> 0.9, >= 0.9.7)
    loofah (2.19.1)
      crass (~> 1.0.2)
      nokogiri (>= 1.5.9)
    mail (2.8.0)
      mini_mime (>= 0.1.1)
      net-imap
      net-pop
      net-smtp
    marcel (1.0.2)
    meta_request (0.3.0)
      callsite
      rack-contrib
      railties
    method_source (1.0.0)
    mini_mime (1.1.2)
    minitest (5.16.3)
    net-imap (0.3.4)
      date
      net-protocol
    net-pop (0.1.2)
      net-protocol
    net-protocol (0.2.1)
      timeout
    net-smtp (0.3.3)
      net-protocol
    nio4r (2.5.8)
    nokogiri (1.13.10-x86_64-darwin)
      racc (~> 1.4)
    populator3 (0.2.7)
    puma (3.12.6)
    racc (1.6.2)
    rack (2.2.5)
    rack-contrib (2.3.0)
      rack (~> 2.0)
    rack-test (2.0.2)
      rack (>= 1.3)
    rails (7.0.4)
      actioncable (= 7.0.4)
      actionmailbox (= 7.0.4)
      actionmailer (= 7.0.4)
      actionpack (= 7.0.4)
      actiontext (= 7.0.4)
      actionview (= 7.0.4)
      activejob (= 7.0.4)
      activemodel (= 7.0.4)
      activerecord (= 7.0.4)
      activestorage (= 7.0.4)
      activesupport (= 7.0.4)
      bundler (>= 1.15.0)
      railties (= 7.0.4)
    rails-dom-testing (2.0.3)
      activesupport (>= 4.2.0)
      nokogiri (>= 1.6)
    rails-html-sanitizer (1.4.4)
      loofah (~> 2.19, >= 2.19.1)
    railties (7.0.4)
      actionpack (= 7.0.4)
      activesupport (= 7.0.4)
      method_source
      rake (>= 12.2)
      thor (~> 1.0)
      zeitwerk (~> 2.5)
    rake (13.0.6)
    rb-fsevent (0.11.2)
    rb-inotify (0.10.1)
      ffi (~> 1.0)
    sass (3.7.4)
      sass-listen (~> 4.0.0)
    sass-listen (4.0.0)
      rb-fsevent (~> 0.9, >= 0.9.4)
      rb-inotify (~> 0.9, >= 0.9.7)
    sass-rails (5.1.0)
      railties (>= 5.2.0)
      sass (~> 3.1)
      sprockets (>= 2.8, < 4.0)
      sprockets-rails (>= 2.0, < 4.0)
      tilt (>= 1.1, < 3)
    shoulda-context (2.0.0)
    shoulda-matchers (5.0.0)
      activesupport (>= 5.2.0)
    simple_form (5.1.0)
      actionpack (>= 5.2)
      activemodel (>= 5.2)
    simplecov (0.22.0)
      docile (~> 1.1)
      simplecov-html (~> 0.11)
      simplecov_json_formatter (~> 0.1)
    simplecov-html (0.12.3)
    simplecov_json_formatter (0.1.4)
    single_test (0.6.0)
      rake
    spring (2.1.1)
    spring-watcher-listen (2.0.1)
      listen (>= 2.7, < 4.0)
      spring (>= 1.2, < 3.0)
    sprockets (3.7.2)
      concurrent-ruby (~> 1.0)
      rack (> 1, < 3)
    sprockets-rails (3.4.2)
      actionpack (>= 5.2)
      activesupport (>= 5.2)
      sprockets (>= 3.0.0)
    sqlite3 (1.5.4-x86_64-darwin)
    thor (1.2.1)
    tilt (2.0.11)
    timeliness (0.4.4)
    timeout (0.3.1)
    tzinfo (2.0.5)
      concurrent-ruby (~> 1.0)
    uglifier (4.2.0)
      execjs (>= 0.3.0, < 3)
    validates_timeliness (5.0.0)
      timeliness (>= 0.3.10, < 1)
    web-console (4.2.0)
      actionview (>= 6.0.0)
      activemodel (>= 6.0.0)
      bindex (>= 0.4.0)
      railties (>= 6.0.0)
    websocket-driver (0.7.5)
      websocket-extensions (>= 0.1.0)
    websocket-extensions (0.1.5)
    will_paginate (3.3.1)
    wirble (0.1.3)
    zeitwerk (2.6.6)

PLATFORMS
  x86_64-darwin-22

DEPENDENCIES
  better_errors
  binding_of_caller
  byebug
  coffee-rails (~> 4.2)
  factory_girl_rails
  faker
  hirb
  jbuilder (~> 2.5)
  jquery-rails
  listen (~> 3.0.5)
  meta_request
  populator3
  puma (~> 3.0)
  rails (= 7.0.4)
  sass-rails (~> 5.0)
  shoulda-context (= 2.0.0)
  shoulda-matchers (= 5.0.0)
  simple_form
  simplecov
  single_test
  spring
  spring-watcher-listen (~> 2.0.0)
  sqlite3
  tzinfo-data
  uglifier (>= 1.3.0)
  validates_timeliness
  web-console (>= 3.3.0)
  will_paginate
  wirble

RUBY VERSION
   ruby 3.1.2p20

BUNDLED WITH
   2.3.26
